PATH
  remote: .
  specs:
    localer (0.2.0)
      dry-initializer (>= 2.0)
      thor (>= 0.19)

GEM
  remote: https://rubygems.org/
  specs:
    appraisal (2.2.0)
      bundler
      rake
      thor (>= 0.14.0)
    aruba (0.14.14)
      childprocess (>= 0.6.3, < 4.0.0)
      contracts (~> 0.9)
      cucumber (>= 1.3.19)
      ffi (~> 1.9)
      rspec-expectations (>= 2.99)
      thor (>= 0.19, < 2.0)
    ast (2.4.2)
    backports (3.17.0)
    builder (3.2.4)
    childprocess (3.0.0)
    contracts (0.16.0)
    cucumber (3.1.2)
      builder (>= 2.1.2)
      cucumber-core (~> 3.2.0)
      cucumber-expressions (~> 6.0.1)
      cucumber-wire (~> 0.0.1)
      diff-lcs (~> 1.3)
      gherkin (~> 5.1.0)
      multi_json (>= 1.7.5, < 2.0)
      multi_test (>= 0.1.2)
    cucumber-core (3.2.1)
      backports (>= 3.8.0)
      cucumber-tag_expressions (~> 1.1.0)
      gherkin (~> 5.0)
    cucumber-expressions (6.0.1)
    cucumber-tag_expressions (1.1.1)
    cucumber-wire (0.0.1)
    diff-lcs (1.3)
    dry-initializer (3.0.3)
    ffi (1.12.2)
    gherkin (5.1.0)
    multi_json (1.14.1)
    multi_test (0.1.2)
    parallel (1.20.1)
    parser (3.0.1.1)
      ast (~> 2.4.1)
    rainbow (3.0.0)
    rake (13.0.1)
    regexp_parser (2.1.1)
    rexml (3.2.5)
    rspec (3.9.0)
      rspec-core (~> 3.9.0)
      rspec-expectations (~> 3.9.0)
      rspec-mocks (~> 3.9.0)
    rspec-core (3.9.1)
      rspec-support (~> 3.9.1)
    rspec-expectations (3.9.1)
      diff-lcs (>= 1.2.0, < 2.0)
      rspec-support (~> 3.9.0)
    rspec-mocks (3.9.1)
      diff-lcs (>= 1.2.0, < 2.0)
      rspec-support (~> 3.9.0)
    rspec-support (3.9.2)
    rubocop (0.93.1)
      parallel (~> 1.10)
      parser (>= 2.7.1.5)
      rainbow (>= 2.2.2, < 4.0)
      regexp_parser (>= 1.8)
      rexml
      rubocop-ast (>= 0.6.0)
      ruby-progressbar (~> 1.7)
      unicode-display_width (>= 1.4.0, < 2.0)
    rubocop-ast (1.7.0)
      parser (>= 3.0.1.1)
    ruby-progressbar (1.11.0)
    thor (0.20.3)
    unicode-display_width (1.7.0)

PLATFORMS
  ruby

DEPENDENCIES
  appraisal
  aruba
  bundler (~> 1.17)
  cucumber
  localer!
  rake (>= 12.3.3)
  rspec (~> 3.0)
  rubocop (~> 0.50)

BUNDLED WITH
   1.17.3
